NUGET
  remote: http://api.nuget.org/v3/index.json
    FAKE (4.46)
    FSharp.Core (4.0.0.1)
    Suave (1.1.3)
      FSharp.Core (>= 3.1.2.5)
